PATH
  remote: .
  specs:
    opsdb (0.0.2)

GEM
  remote: http://rubygems.org/
  specs:

PLATFORMS
  ruby

DEPENDENCIES
  opsdb!
